PATH
  remote: .
  specs:
    check_please_rspec_matcher (0.4.1)
      check_please (~> 0.4.1)
      rspec (~> 3.9)

GEM
  remote: https://rubygems.org/
  specs:
    check_please (0.4.1)
      table_print
    diff-lcs (1.4.4)
    rake (12.3.3)
    rspec (3.10.0)
      rspec-core (~> 3.10.0)
      rspec-expectations (~> 3.10.0)
      rspec-mocks (~> 3.10.0)
    rspec-core (3.10.0)
      rspec-support (~> 3.10.0)
    rspec-expectations (3.10.0)
      diff-lcs (>= 1.2.0, < 2.0)
      rspec-support (~> 3.10.0)
    rspec-mocks (3.10.0)
      diff-lcs (>= 1.2.0, < 2.0)
      rspec-support (~> 3.10.0)
    rspec-support (3.10.0)
    table_print (1.5.7)

PLATFORMS
  ruby

DEPENDENCIES
  check_please_rspec_matcher!
  rake (~> 12.0)
  rspec (~> 3.0)

BUNDLED WITH
   2.1.4
